GEM
  remote: https://rubygems.org/
  specs:
    chunky_png (1.3.0)
    compass (0.12.3)
      chunky_png (~> 1.2)
      fssm (>= 0.2.7)
      sass (= 3.2.14)
    compass-import-once (1.0.3)
      sass (>= 3.2, < 3.5)
    font-icons (1.0.5.beta)
      compass (>= 0.11)
      sass (>= 3.2.0.alpha.275)
    fssm (0.2.10)
    sass (3.2.14)
    susy (1.0.5)
      compass (>= 0.12.2)
      sass (>= 3.2.0)

PLATFORMS
  ruby

DEPENDENCIES
  compass (= 0.12.3)
  compass-import-once
  font-icons
  sass (= 3.2.14)
  susy (= 1.0.5)
